PATH
  remote: .
  specs:
    pdf_extractor (0.1.1)

GEM
  remote: https://rubygems.org/
  specs:
    ansi (1.5.0)
    ast (2.4.0)
    builder (3.2.3)
    docile (1.3.2)
    jaro_winkler (1.5.3)
    jaro_winkler (1.5.3-java)
    json (2.2.0)
    json (2.2.0-java)
    minitest (5.11.3)
    minitest-reporters (1.3.6)
      ansi
      builder
      minitest (>= 5.0)
      ruby-progressbar
    minitest-reporters-json_reporter (1.0.0)
      minitest-reporters (~> 1.1, >= 1.1.8)
    nexus (1.4.0)
    parallel (1.17.0)
    parser (2.6.3.0)
      ast (~> 2.4.0)
    rainbow (3.0.0)
    rake (10.5.0)
    rubocop (0.71.0)
      jaro_winkler (~> 1.5.1)
      parallel (~> 1.10)
      parser (>= 2.6)
      rainbow (>= 2.2.2, < 4.0)
      ruby-progressbar (~> 1.7)
      unicode-display_width (>= 1.4.0, < 1.7)
    ruby-progressbar (1.10.1)
    simplecov (0.16.1)
      docile (~> 1.1)
      json (>= 1.8, < 3)
      simplecov-html (~> 0.10.0)
    simplecov-html (0.10.2)
    unicode-display_width (1.6.0)

PLATFORMS
  java
  ruby

DEPENDENCIES
  bundler (~> 2.0)
  minitest (~> 5.0)
  minitest-reporters-json_reporter (~> 1.0, >= 1.0.0)
  nexus (~> 1.4, >= 1.4.0)
  pdf_extractor!
  rake (~> 10.0)
  rubocop (~> 0.58, >= 0.58.2)
  simplecov (~> 0.16, >= 0.16.1)

BUNDLED WITH
   2.0.2
